GEM
  remote: http://rubygems.org/
  specs:
    activemodel (3.1.1)
      activesupport (= 3.1.1)
      builder (~> 3.0.0)
      i18n (~> 0.6)
    activesupport (3.1.1)
      multi_json (~> 1.0)
    bson (1.4.0)
    bson_ext (1.4.0)
    builder (3.0.0)
    concurrent-ruby (1.1.9)
    diff-lcs (1.1.3)
    geokit (1.6.0)
    i18n (0.9.5)
      concurrent-ruby (~> 1.0)
    json (2.3.0)
    mongo (1.4.0)
      bson (= 1.4.0)
    mongo_mapper (0.10.0)
      activemodel (~> 3.0)
      activesupport (~> 3.0)
      plucky (~> 0.3.8)
    multi_json (1.0.3)
    plucky (0.3.8)
      mongo (~> 1.3)
    rack (1.6.13)
    rack-flash (0.1.2)
      rack
    rack-protection (1.5.5)
      rack
    rack-test (0.6.1)
      rack (>= 1.0)
    rspec (2.7.0)
      rspec-core (~> 2.7.0)
      rspec-expectations (~> 2.7.0)
      rspec-mocks (~> 2.7.0)
    rspec-core (2.7.1)
    rspec-expectations (2.7.0)
      diff-lcs (~> 1.1.2)
    rspec-mocks (2.7.0)
    sinatra (1.3.1)
      rack (~> 1.3, >= 1.3.4)
      rack-protection (~> 1.1, >= 1.1.2)
      tilt (~> 1.3, >= 1.3.3)
    tilt (1.3.3)

PLATFORMS
  ruby
  x86-mingw32

DEPENDENCIES
  bson_ext
  geokit
  json
  mongo_mapper
  rack-flash
  rack-test
  rspec
  sinatra
